PATH
  remote: .
  specs:
    mktorrent (1.7.0)
      bencode (~> 0.8)

GEM
  remote: https://rubygems.org/
  specs:
    ansi (1.5.0)
    bencode (0.8.2)
    builder (3.2.3)
    coderay (1.1.2)
    method_source (0.9.0)
    minitest (5.11.3)
    minitest-reporters (1.3.1)
      ansi
      builder
      minitest (>= 5.0)
      ruby-progressbar
    pry (0.11.3)
      coderay (~> 1.1.0)
      method_source (~> 0.9.0)
    rake (12.3.1)
    ruby-progressbar (1.9.0)
    rubygems-tasks (0.2.4)

PLATFORMS
  ruby

DEPENDENCIES
  minitest (~> 5.0)
  minitest-reporters (~> 1.0)
  mktorrent!
  pry
  rake
  rubygems-tasks (= 0.2.4)

BUNDLED WITH
   1.16.2
